GIT
  remote: git://github.com/medols/jruby-sandbox.git
  revision: 1ab658257979ca74c230f83b489cfe2b1e58c9b2
  specs:
    jruby_sandbox (0.1.5)
      fakefs

GEM
  remote: https://rubygems.org/
  specs:
    activesupport (3.2.22.5)
      i18n (~> 0.6, >= 0.6.4)
      multi_json (~> 1.0)
    benchmark-ips (2.7.2)
    coderay (1.1.1)
    diff-lcs (1.3)
    fakefs (0.11.0)
    ffi (1.9.18-java)
    fresh-mc (0.2.153)
      rubinius-actor
    i18n (0.8.4)
    method_source (0.8.2)
    multi_json (1.12.1)
    pry (0.10.4-java)
      coderay (~> 1.1.0)
      method_source (~> 0.8.1)
      slop (~> 3.4)
      spoon (~> 0.0)
    puma (3.9.1-java)
    rabl (0.7.10)
      activesupport (>= 2.3.14)
      multi_json (~> 1.0)
    rack (1.6.8)
    rack-protection (1.5.3)
      rack
    rack-timeout (0.4.2)
    rake (0.9.6)
    rspec (2.99.0)
      rspec-core (~> 2.99.0)
      rspec-expectations (~> 2.99.0)
      rspec-mocks (~> 2.99.0)
    rspec-core (2.99.2)
    rspec-expectations (2.99.2)
      diff-lcs (>= 1.1.3, < 2.0)
    rspec-mocks (2.99.4)
    rubinius-actor (0.0.2)
      rubinius-core-api
    rubinius-core-api (0.0.1-java)
    sinatra (1.4.8)
      rack (~> 1.5)
      rack-protection (~> 1.4)
      tilt (>= 1.3, < 3)
    slop (3.6.0)
    spoon (0.0.6)
      ffi
    tilt (2.0.7)

PLATFORMS
  java

DEPENDENCIES
  activesupport (~> 3.0)
  benchmark-ips
  fresh-mc
  jruby_sandbox!
  multi_json (~> 1.5)
  pry
  puma
  rabl (= 0.7.10)
  rack-timeout
  rake (~> 0.9.2)
  rspec (~> 2.9)
  sinatra (~> 1.3)

RUBY VERSION
   ruby 2.0.0p195 (jruby 1.7.13)

BUNDLED WITH
   1.15.1
